PATH
  remote: .
  specs:
    cloudy_crud (0.1)
      json_stream_trigger (~> 0)
      recursive_case_indifferent_ostruct (~> 0)
      sequel (~> 0)

GEM
  remote: https://rubygems.org/
  specs:
    ParseTree (3.0.9)
      RubyInline (~> 3.9.0)
      sexp_processor (~> 3.2.0)
    RubyInline (3.9.0)
      ZenTest (~> 4.3)
    ZenTest (4.11.0)
    json-stream (0.2.1)
    json_stream_trigger (0.1.3)
      json-stream (~> 0)
    metaid (1.0)
    minitest (5.7.0)
    minitest-hooks (1.4.0)
    pg (0.18.4)
    rack (1.6.4)
    recursive_case_indifferent_ostruct (0.1)
    ruby2ruby (1.3.1)
      ruby_parser (~> 2.0)
      sexp_processor (~> 3.0)
    ruby_parser (2.3.1)
      sexp_processor (~> 3.0)
    sequel (0.5.0.2)
      ParseTree (>= 2.1.1)
      RubyInline (>= 3.6.6)
      metaid
      ruby2ruby
    sexp_processor (3.2.0)

PLATFORMS
  ruby

DEPENDENCIES
  cloudy_crud!
  minitest
  minitest-hooks
  pg
  rack
